GIT
  remote: https://github.com/grosser/ruby-test-reporter.git
  revision: 8a24585117d74d62cfadfd83b034714be9464768
  ref: grosser/merge2
  specs:
    codeclimate-test-reporter (0.4.7)
      simplecov (>= 0.7.1, < 1.0.0)

GEM
  remote: https://rubygems.org/
  specs:
    daemons (1.1.9)
    dalli (2.7.2)
    docile (1.1.5)
    eventmachine (1.0.4)
    multi_json (1.11.0)
    rack (1.6.0)
    rack-protection (1.5.3)
      rack
    rake (10.0.3)
    rollbar (1.4.4)
      multi_json (~> 1.3)
    simplecov (0.9.2)
      docile (~> 1.1.0)
      multi_json (~> 1.0)
      simplecov-html (~> 0.9.0)
    simplecov-html (0.9.0)
    sinatra (1.4.5)
      rack (~> 1.4)
      rack-protection (~> 1.4)
      tilt (~> 1.3, >= 1.3.4)
    thin (1.6.3)
      daemons (~> 1.0, >= 1.0.9)
      eventmachine (~> 1.0)
      rack (~> 1.0)
    tilt (1.4.1)

PLATFORMS
  ruby

DEPENDENCIES
  codeclimate-test-reporter!
  dalli
  rake
  rollbar
  sinatra
  thin
